GEM
  remote: https://rubygems.org/
  specs:
    activemodel (3.2.17)
      activesupport (= 3.2.17)
      builder (~> 3.0.0)
    activesupport (3.2.17)
      i18n (~> 0.6, >= 0.6.4)
      multi_json (~> 1.0)
    bson (1.8.6)
    bson_ext (1.8.6)
      bson (~> 1.8.6)
    builder (3.0.4)
    celluloid (0.15.2)
      timers (~> 1.1.0)
    coderay (1.1.0)
    connection_pool (2.0.0)
    darkroom (0.0.2)
      rest-client
    i18n (0.6.9)
    json (1.7.7)
    method_source (0.8.2)
    mime-types (1.25.1)
    mongo (1.8.6)
      bson (~> 1.8.6)
    mongo_mapper (0.12.0)
      activemodel (~> 3.0)
      activesupport (~> 3.0)
      plucky (~> 0.5.2)
    multi_json (1.9.2)
    plucky (0.5.2)
      mongo (~> 1.5)
    pry (0.9.12.6)
      coderay (~> 1.0)
      method_source (~> 0.8)
      slop (~> 3.4)
    rake (10.0.4)
    redis (3.0.7)
    redis-namespace (1.4.1)
      redis (~> 3.0.4)
    rest-client (1.6.7)
      mime-types (>= 1.16)
    sidekiq (2.17.7)
      celluloid (>= 0.15.2)
      connection_pool (>= 1.0.0)
      json
      redis (>= 3.0.6)
      redis-namespace (>= 1.3.1)
    slop (3.5.0)
    timers (1.1.0)

PLATFORMS
  ruby

DEPENDENCIES
  bson_ext (~> 1.8.2)
  darkroom
  mongo_mapper (~> 0.12.0)
  pry
  rake (~> 10.0.3)
  sidekiq
